GIT
  remote: git://github.com/jgamsan/spree_addings_for_rodamoto.git
  revision: 382935c3d2f169af40d23a6f5886faea8784172a
  specs:
    spree_addings_for_rodamoto (1.1.1)
      spree_core (~> 1.1.1)

GIT
  remote: git://github.com/jgamsan/spree_contact_us.git
  revision: 731ed04025ae509b82efaa9b6bec93e612314e00
  specs:
    spree_contact_us (1.1.0)
      spree_core (>= 1.0.0)

GIT
  remote: git://github.com/jgamsan/spree_cycle.git
  revision: f36d958432ffd6bfc4ab99c9a9f95738d9534a55
  specs:
    spree_cycle (1.1.1)
      spree_core (~> 1.1.1)

GIT
  remote: git://github.com/jgamsan/spree_i18n.git
  revision: fd799f17fb0d795eedf24390e5e949eb3a9615bb
  specs:
    spree_i18n (1.0.0)
      i18n (~> 0.5)
      spree (~> 1.1.0)

GIT
  remote: git://github.com/jgamsan/spree_import_dbf.git
  revision: e880e5ab290b1113e23ba36dc9afae8f953c3d76
  specs:
    spree_import_dbf (1.0)
      spree_auth (>= 0.60.0)
      spree_core (>= 0.60.0)

GIT
  remote: git://github.com/jgamsan/spree_search_rodamoto.git
  revision: 2cf925741e1eaa456fb61db5fe57fb3754636311
  specs:
    spree_search_rodamoto (1.1.1)
      spree_core (~> 1.1.1)

GIT
  remote: git://github.com/jgamsan/spree_settings.git
  revision: 32323a0c92df8c5ee9b5fa5285d1d52599a5a1ee
  specs:
    spree_settings (1.1.1)
      spree_core (~> 1.1.1)

GIT
  remote: git://github.com/spree/spree_paypal_express.git
  revision: ce3d71193f11ae9f219c6b2b1153e186f9c4914c
  specs:
    spree_paypal_express (1.1.0)
      spree_core (>= 1.0.0)

GEM
  remote: https://rubygems.org/
  specs:
    actionmailer (3.2.3)
      actionpack (= 3.2.3)
      mail (~> 2.4.4)
    actionpack (3.2.3)
      activemodel (= 3.2.3)
      activesupport (= 3.2.3)
      builder (~> 3.0.0)
      erubis (~> 2.7.0)
      journey (~> 1.0.1)
      rack (~> 1.4.0)
      rack-cache (~> 1.2)
      rack-test (~> 0.6.1)
      sprockets (~> 2.1.2)
    active_utils (1.0.3)
      activesupport (>= 2.3.11)
      i18n
    activemerchant (1.20.4)
      active_utils (>= 1.0.2)
      activesupport (>= 2.3.11)
      braintree (>= 2.0.0)
      builder (>= 2.0.0)
      i18n
      json (>= 1.5.1)
      money (<= 3.7.1)
    activemodel (3.2.3)
      activesupport (= 3.2.3)
      builder (~> 3.0.0)
    activerecord (3.2.3)
      activemodel (= 3.2.3)
      activesupport (= 3.2.3)
      arel (~> 3.0.2)
      tzinfo (~> 0.3.29)
    activeresource (3.2.3)
      activemodel (= 3.2.3)
      activesupport (= 3.2.3)
    activesupport (3.2.3)
      i18n (~> 0.6)
      multi_json (~> 1.0)
    acts_as_list (0.1.4)
    akami (1.2.0)
      gyoku (>= 0.4.0)
      nokogiri (>= 1.4.0)
    arel (3.0.2)
    awesome_print (1.0.2)
    aws-sdk (1.3.9)
      httparty (~> 0.7)
      json (~> 1.4)
      nokogiri (>= 1.4.4)
      uuidtools (~> 2.1)
    bcrypt-ruby (3.0.1)
    boson (1.1.1)
    braintree (2.16.0)
      builder (>= 2.0.0)
    builder (3.0.0)
    cancan (1.6.7)
    capistrano (2.12.0)
      highline
      net-scp (>= 1.0.0)
      net-sftp (>= 2.0.0)
      net-ssh (>= 2.0.14)
      net-ssh-gateway (>= 1.1.0)
    capistrano-unicorn (0.1.6)
      capistrano
    clipboard (1.0.1)
    cocaine (0.2.1)
    coderay (1.0.7)
    coffee-rails (3.2.2)
      coffee-script (>= 2.2.0)
      railties (~> 3.2.0)
    coffee-script (2.2.0)
      coffee-script-source
      execjs
    coffee-script-source (1.3.3)
    dbf (1.7.5)
    deface (0.9.1)
      nokogiri (~> 1.5.0)
      rails (~> 3.1)
    devise (2.0.4)
      bcrypt-ruby (~> 3.0)
      orm_adapter (~> 0.0.3)
      railties (~> 3.1)
      warden (~> 1.1.1)
    devise-i18n (0.5.0)
    erubis (2.7.0)
    every_day_irb (1.2.2)
    execjs (1.4.0)
      multi_json (~> 1.0)
    fancy_irb (0.7.2)
      paint (>= 0.8.1)
      unicode-display_width (>= 0.1.1)
    ffaker (1.12.1)
    foreman (0.51.0)
      thor (>= 0.13.6)
    g (1.6.0)
      ruby_gntp
    gyoku (0.4.6)
      builder (>= 2.1.2)
    haml (3.1.6)
    haml-rails (0.3.4)
      actionpack (~> 3.0)
      activesupport (~> 3.0)
      haml (~> 3.0)
      railties (~> 3.0)
    highline (1.6.11)
    hike (1.2.1)
    hirb (0.6.2)
    httparty (0.8.3)
      multi_json (~> 1.0)
      multi_xml
    httpi (1.1.1)
      rack
    i18n (0.6.0)
    interactive_editor (0.0.10)
      spoon (>= 0.0.1)
    irbtools (1.2.2)
      awesome_print (~> 1.0.2)
      boson (~> 1.1.1)
      clipboard (~> 1.0.1)
      coderay (~> 1.0.5)
      every_day_irb (>= 1.2.2)
      fancy_irb (>= 0.7.2)
      g (>= 1.5.0)
      hirb (~> 0.6.1)
      interactive_editor (>= 0.0.10)
      method_locator (>= 0.0.4)
      method_source (>= 0.7.0)
      methodfinder (>= 1.2.5)
      ori (~> 0.1.0)
      paint (>= 0.8.4)
      sketches (>= 0.1.1)
      wirb (>= 0.4.2)
      zucker (>= 12.1)
    journey (1.0.4)
    jquery-rails (2.0.2)
      railties (>= 3.2.0, < 5.0)
      thor (~> 0.14)
    json (1.7.3)
    kaminari (0.13.0)
      actionpack (>= 3.0.0)
      activesupport (>= 3.0.0)
      railties (>= 3.0.0)
    kgio (2.7.4)
    libv8 (3.3.10.4)
    mail (2.4.4)
      i18n (>= 0.4.0)
      mime-types (~> 1.16)
      treetop (~> 1.4.8)
    method_locator (0.0.4)
    method_source (0.8)
    methodfinder (1.2.5)
    mime-types (1.19)
    money (3.7.1)
      i18n (~> 0.4)
    multi_json (1.3.6)
    multi_xml (0.5.1)
    nested_set (1.7.0)
      activerecord (>= 3.0.0)
      railties (>= 3.0.0)
    net-scp (1.0.4)
      net-ssh (>= 1.99.1)
    net-sftp (2.0.5)
      net-ssh (>= 2.0.9)
    net-ssh (2.5.2)
    net-ssh-gateway (1.1.0)
      net-ssh (>= 1.99.1)
    nokogiri (1.5.5)
    nori (1.1.3)
    ori (0.1.0)
    orm_adapter (0.0.7)
    paint (0.8.5)
    paperclip (2.7.0)
      activerecord (>= 2.3.0)
      activesupport (>= 2.3.2)
      cocaine (>= 0.0.2)
      mime-types
    pg (0.14.0)
    polyamorous (0.5.0)
      activerecord (~> 3.0)
    polyglot (0.3.3)
    rabl (0.6.5)
      activesupport (>= 2.3.14)
      multi_json (~> 1.0)
    rack (1.4.1)
    rack-cache (1.2)
      rack (>= 0.4)
    rack-ssl (1.3.2)
      rack
    rack-test (0.6.1)
      rack (>= 1.0)
    rails (3.2.3)
      actionmailer (= 3.2.3)
      actionpack (= 3.2.3)
      activerecord (= 3.2.3)
      activeresource (= 3.2.3)
      activesupport (= 3.2.3)
      bundler (~> 1.0)
      railties (= 3.2.3)
    rails-i18n (0.6.5)
      i18n (~> 0.5)
    railties (3.2.3)
      actionpack (= 3.2.3)
      activesupport (= 3.2.3)
      rack-ssl (~> 1.3.2)
      rake (>= 0.8.7)
      rdoc (~> 3.4)
      thor (~> 0.14.6)
    raindrops (0.10.0)
    rake (0.9.2.2)
    ransack (0.6.0)
      actionpack (~> 3.0)
      activerecord (~> 3.0)
      polyamorous (~> 0.5.0)
    rdoc (3.12)
      json (~> 1.4)
    ruby_gntp (0.3.4)
    rvm-capistrano (1.2.5)
      capistrano (>= 2.0.0)
    sass (3.1.20)
    sass-rails (3.2.5)
      railties (~> 3.2.0)
      sass (>= 3.1.10)
      tilt (~> 1.3)
    savon (1.1.0)
      akami (~> 1.2.0)
      builder (>= 2.1.2)
      gyoku (~> 0.4.5)
      httpi (~> 1.1.0)
      nokogiri (>= 1.4.0)
      nori (~> 1.1.0)
      wasabi (~> 2.5.0)
    sketches (0.1.1)
    spoon (0.0.1)
    spree (1.1.1)
      spree_api (= 1.1.1)
      spree_auth (= 1.1.1)
      spree_cmd (= 1.1.1)
      spree_core (= 1.1.1)
      spree_dash (= 1.1.1)
      spree_promo (= 1.1.1)
      spree_sample (= 1.1.1)
    spree_api (1.1.1)
      rabl (= 0.6.5)
      spree_auth (= 1.1.1)
      spree_core (= 1.1.1)
    spree_auth (1.1.1)
      cancan (= 1.6.7)
      devise (~> 2.0.0)
      spree_core (= 1.1.1)
    spree_cmd (1.1.1)
    spree_core (1.1.1)
      activemerchant (= 1.20.4)
      acts_as_list (= 0.1.4)
      aws-sdk (~> 1.3.4)
      deface (>= 0.8.0)
      ffaker (~> 1.12.0)
      highline (= 1.6.11)
      jquery-rails (~> 2.0.0)
      kaminari (>= 0.13.0)
      nested_set (= 1.7.0)
      paperclip (~> 2.7)
      rails (>= 3.2.2, <= 3.2.3)
      ransack (~> 0.6.0)
      state_machine (= 1.1.2)
      stringex (~> 1.3.2)
    spree_dash (1.1.1)
      httparty (~> 0.8.1)
      spree_auth (= 1.1.1)
      spree_core (= 1.1.1)
    spree_promo (1.1.1)
      spree_auth (= 1.1.1)
      spree_core (= 1.1.1)
    spree_sample (1.1.1)
      spree_core (= 1.1.1)
    spree_skrill (1.0.2)
      spree_core (>= 1.0.0)
    spree_usa_epay (1.0.2)
      savon
      spree_core (>= 1.0.0)
    sprockets (2.1.3)
      hike (~> 1.2)
      rack (~> 1.0)
      tilt (~> 1.1, != 1.3.0)
    state_machine (1.1.2)
    stringex (1.3.3)
    therubyracer (0.10.1)
      libv8 (~> 3.3.10)
    thor (0.14.6)
    tilt (1.3.3)
    treetop (1.4.10)
      polyglot
      polyglot (>= 0.3.1)
    tzinfo (0.3.33)
    uglifier (1.2.6)
      execjs (>= 0.3.0)
      multi_json (~> 1.3)
    unicode-display_width (0.1.1)
    unicorn (4.3.1)
      kgio (~> 2.6)
      rack
      raindrops (~> 0.7)
    uuidtools (2.1.3)
    warden (1.1.1)
      rack (>= 1.0)
    wasabi (2.5.0)
      httpi (~> 1.0)
      nokogiri (>= 1.4.0)
    wirb (0.4.2)
    zucker (12.1)

PLATFORMS
  ruby

DEPENDENCIES
  capistrano
  capistrano-unicorn
  coffee-rails (~> 3.2.1)
  dbf
  devise-i18n
  execjs
  foreman
  haml
  haml-rails
  irbtools
  jquery-rails
  pg
  rails (= 3.2.3)
  rails-i18n
  rvm-capistrano
  sass-rails (~> 3.2.3)
  spree
  spree_addings_for_rodamoto!
  spree_contact_us!
  spree_cycle!
  spree_i18n!
  spree_import_dbf!
  spree_paypal_express!
  spree_search_rodamoto!
  spree_settings!
  spree_skrill
  spree_usa_epay
  therubyracer
  uglifier (>= 1.0.3)
  unicorn
